GEM
  remote: https://rubygems.org/
  specs:
    jasmine (2.0.0)
      jasmine-core (~> 2.0.0)
      phantomjs
      rack (>= 1.2.1)
      rake
    jasmine-core (2.0.0)
    jasmine-phantom (0.0.9)
      jasmine (>= 1.2.0)
      posix-spawn
    phantomjs (1.9.2.1)
    posix-spawn (0.3.8)
    rack (1.5.2)
    rake (10.1.1)

PLATFORMS
  ruby

DEPENDENCIES
  jasmine
  jasmine-phantom
  rake
